PATH
  remote: .
  specs:
    yaml_searcher (0.1.0)

GEM
  remote: https://rubygems.org/
  specs:
    logger (1.4.2)
    minitest (5.14.0)
    rake (12.3.3)

PLATFORMS
  ruby

DEPENDENCIES
  logger
  minitest (~> 5.0)
  rake (~> 12.0)
  yaml_searcher!

BUNDLED WITH
   2.1.2
